GEM
  remote: http://rubygems.org/
  specs:
    activesupport (3.2.8)
      i18n (~> 0.6)
      multi_json (~> 1.0)
    addressable (2.3.2)
    bluepill (0.0.60)
      activesupport (>= 3.0.0)
      daemons (~> 1.1.4, <= 1.1.6)
      i18n (>= 0.5.0)
      state_machine (~> 1.1.0)
    childprocess (0.3.5)
      ffi (~> 1.0, >= 1.0.6)
    daemons (1.1.6)
    diff-lcs (1.1.3)
    ffi (1.1.5)
    i18n (0.6.1)
    jasmine (1.2.1)
      jasmine-core (>= 1.2.0)
      rack (~> 1.0)
      rspec (>= 1.3.1)
      selenium-webdriver (>= 0.1.3)
    jasmine-core (1.2.0)
    json (1.7.5)
    libwebsocket (0.1.5)
      addressable
    multi_json (1.3.6)
    rack (1.4.1)
    rspec (2.11.0)
      rspec-core (~> 2.11.0)
      rspec-expectations (~> 2.11.0)
      rspec-mocks (~> 2.11.0)
    rspec-core (2.11.1)
    rspec-expectations (2.11.3)
      diff-lcs (~> 1.1.3)
    rspec-mocks (2.11.3)
    rubyzip (0.9.9)
    selenium-webdriver (2.25.0)
      childprocess (>= 0.2.5)
      libwebsocket (~> 0.1.3)
      multi_json (~> 1.0)
      rubyzip
    state_machine (1.1.2)

PLATFORMS
  ruby

DEPENDENCIES
  bluepill
  jasmine
  json
